PATH
  remote: .
  specs:
    standard-rubocop-lts (1.0.10)
      rspec-block_is_expected (~> 1.0, >= 1.0.6)
      rspec-stubbed_env (~> 1.0, >= 1.0.1)
      rubocop-rspec (~> 3.3, >= 3.3.0)
      version_gem (>= 1.1.4, < 3)

GEM
  remote: https://rubygems.org/
  specs:
    ansi (1.5.0)
    ast (2.4.2)
    backports (3.25.0)
    byebug (11.1.3)
    diff-lcs (1.5.1)
    diffy (3.4.3)
    docile (1.4.1)
    json (2.9.1)
    kettle-soup-cover (1.0.4)
      simplecov (~> 0.22)
      simplecov-cobertura (~> 2.1)
      simplecov-console (~> 0.9, >= 0.9.1)
      simplecov-html (~> 0.12)
      simplecov-lcov (~> 0.8)
      simplecov-rcov (~> 0.3, >= 0.3.3)
      simplecov_json_formatter (~> 0.1, >= 0.1.4)
      version_gem (~> 1.1, >= 1.1.4)
    kramdown (2.5.1)
      rexml (>= 3.3.9)
    language_server-protocol (3.17.0.3)
    ostruct (0.6.1)
    parallel (1.26.3)
    parser (3.3.6.0)
      ast (~> 2.4.1)
      racc
    racc (1.8.1)
    rainbow (3.1.1)
    rake (13.2.1)
    regexp_parser (2.9.3)
    rexml (3.4.0)
    rspec (3.13.0)
      rspec-core (~> 3.13.0)
      rspec-expectations (~> 3.13.0)
      rspec-mocks (~> 3.13.0)
    rspec-block_is_expected (1.0.6)
    rspec-core (3.13.2)
      rspec-support (~> 3.13.0)
    rspec-expectations (3.13.3)
      diff-lcs (>= 1.2.0, < 2.0)
      rspec-support (~> 3.13.0)
    rspec-mocks (3.13.2)
      diff-lcs (>= 1.2.0, < 2.0)
      rspec-support (~> 3.13.0)
    rspec-stubbed_env (1.0.1)
    rspec-support (3.13.2)
    rspec_junit_formatter (0.6.0)
      rspec-core (>= 2, < 4, != 2.12.0)
    rubocop (1.69.2)
      json (~> 2.3)
      language_server-protocol (>= 3.17.0)
      parallel (~> 1.10)
      parser (>= 3.3.0.2)
      rainbow (>= 2.2.2, < 4.0)
      regexp_parser (>= 2.9.3, < 3.0)
      rubocop-ast (>= 1.36.2, < 2.0)
      ruby-progressbar (~> 1.7)
      unicode-display_width (>= 2.4.0, < 4.0)
    rubocop-ast (1.37.0)
      parser (>= 3.3.1.0)
    rubocop-gradual (0.3.6)
      diff-lcs (>= 1.2.0, < 2.0)
      diffy (~> 3.0)
      parallel (~> 1.10)
      rainbow (>= 2.2.2, < 4.0)
      rubocop (~> 1.0)
    rubocop-md (1.2.4)
      rubocop (>= 1.45)
    rubocop-packaging (0.5.2)
      rubocop (>= 1.33, < 2.0)
    rubocop-rake (0.6.0)
      rubocop (~> 1.0)
    rubocop-rspec (3.3.0)
      rubocop (~> 1.61)
    rubocop-shopify (2.15.1)
      rubocop (~> 1.51)
    rubocop-thread_safety (0.6.0)
      rubocop (>= 1.48.1)
    ruby-progressbar (1.13.0)
    simplecov (0.22.0)
      docile (~> 1.1)
      simplecov-html (~> 0.11)
      simplecov_json_formatter (~> 0.1)
    simplecov-cobertura (2.1.0)
      rexml
      simplecov (~> 0.19)
    simplecov-console (0.9.2)
      ansi
      simplecov
      terminal-table
    simplecov-html (0.13.1)
    simplecov-lcov (0.8.0)
    simplecov-rcov (0.3.7)
      simplecov (>= 0.4.1)
    simplecov_json_formatter (0.1.4)
    stringio (3.1.2)
    terminal-table (3.0.2)
      unicode-display_width (>= 1.1.1, < 3)
    unicode-display_width (2.6.0)
    version_gem (1.1.4)
    yard (0.9.37)
    yard-junk (0.0.10)
      backports (>= 3.18)
      ostruct
      rainbow
      yard

PLATFORMS
  arm64-darwin-22
  arm64-darwin-24

DEPENDENCIES
  byebug
  kettle-soup-cover (~> 1.0, >= 1.0.4)
  kramdown (~> 2.5, >= 2.5.1)
  rake (~> 13.2, >= 13.2.1)
  rspec (~> 3.13)
  rspec_junit_formatter (~> 0.6)
  rubocop-gradual (~> 0.3, >= 0.3.6)
  rubocop-md (~> 1.2, >= 1.2.4)
  rubocop-packaging (~> 0.5, >= 0.5.2)
  rubocop-rake (~> 0.6)
  rubocop-shopify (~> 2.15, >= 2.15.1)
  rubocop-thread_safety (~> 0.6, >= 0.6.0)
  standard-rubocop-lts!
  stringio (>= 3.1.2)
  yard (~> 0.9, >= 0.9.37)
  yard-junk (~> 0.0, >= 0.0.10)

BUNDLED WITH
   2.6.1
